GEM
  specs:
    backports (3.11.1)
    builder (3.2.3)
    childprocess (0.8.0)
      ffi (~> 1.0, >= 1.0.11)
    coderay (1.1.2)
    colorize (0.8.1)
    concurrent-ruby (1.0.5)
    connection_pool (2.2.1)
    cucumber (3.1.0)
      builder (>= 2.1.2)
      cucumber-core (~> 3.1.0)
      cucumber-expressions (~> 5.0.4)
      cucumber-wire (~> 0.0.1)
      diff-lcs (~> 1.3)
      gherkin (~> 5.0)
      multi_json (>= 1.7.5, < 2.0)
      multi_test (>= 0.1.2)
    cucumber-core (3.1.0)
      backports (>= 3.8.0)
      cucumber-tag_expressions (~> 1.1.0)
      gherkin (>= 5.0.0)
    cucumber-expressions (5.0.13)
    cucumber-tag_expressions (1.1.1)
    cucumber-wire (0.0.1)
    data_magic (1.0)
      faker (>= 1.1.2)
      yml_reader (>= 0.6)
    diff-lcs (1.3)
    facets (3.1.0)
    faker (1.8.7)
      i18n (>= 0.7)
    ffi (1.9.21-x64-mingw32)
    gherkin (5.0.0)
    i18n (0.9.5)
      concurrent-ruby (~> 1.0)
    json (2.1.0)
    method_source (0.9.0)
    multi_json (1.13.1)
    multi_test (0.1.2)
    net-http-persistent (3.0.0)
      connection_pool (~> 2.2)
    page-object (2.1.1)
      net-http-persistent (~> 3.0)
      page_navigation (>= 0.9)
      selenium-webdriver (~> 3.0)
      watir (~> 6.0)
    page_navigation (0.10)
      data_magic (>= 0.22)
    pry (0.11.3)
      coderay (~> 1.1.0)
      method_source (~> 0.9.0)
    pry-remote (0.1.8)
      pry (~> 0.9)
      slop (~> 3.0)
    psych (3.0.2-x64-mingw32)
    rake (12.3.0)
    rspec (3.7.0)
      rspec-core (~> 3.7.0)
      rspec-expectations (~> 3.7.0)
      rspec-mocks (~> 3.7.0)
    rspec-core (3.7.1)
      rspec-support (~> 3.7.0)
    rspec-expectations (3.7.0)
      diff-lcs (>= 1.2.0, < 2.0)
      rspec-support (~> 3.7.0)
    rspec-mocks (3.7.0)
      diff-lcs (>= 1.2.0, < 2.0)
      rspec-support (~> 3.7.0)
    rspec-support (3.7.1)
    rubyzip (1.2.1)
    selenium-webdriver (3.9.0)
      childprocess (~> 0.5)
      rubyzip (~> 1.2)
    slop (3.6.0)
    watir (6.10.3)
      selenium-webdriver (~> 3.4, >= 3.4.1)
    webdriver-user-agent (7.4)
      facets
      json
      psych
      selenium-webdriver
    yml_reader (0.7)

PLATFORMS
  x64-mingw32

DEPENDENCIES
  colorize
  cucumber
  page-object
  pry
  pry-remote
  rake
  rspec
  watir
  webdriver-user-agent

BUNDLED WITH
   1.16.1
